GEM
  remote: https://rubygems.org/
  specs:
    curses (1.2.4)
    daemons (1.2.6)
    eventmachine (1.2.7)
    fast-stemmer (1.0.2)
    hitimes (1.3.0)
    json (2.1.0)
    kgio (2.11.2)
    mini_portile2 (2.3.0)
    mysql2 (0.5.2)
    nokogiri (1.8.4)
      mini_portile2 (~> 2.3.0)
    pg (1.0.0)
    puma (3.12.0)
    rack (2.0.5)
    raindrops (0.19.0)
    redcarpet (3.4.0)
    snappy (0.0.17)
    sqlite3 (1.3.13)
    thin (1.7.2)
      daemons (~> 1.0, >= 1.0.9)
      eventmachine (~> 1.0, >= 1.0.4)
      rack (>= 1, < 3)
    unicorn (5.4.1)
      kgio (~> 2.6)
      raindrops (~> 0.7)

PLATFORMS
  ruby

DEPENDENCIES
  curses
  eventmachine
  fast-stemmer
  hitimes
  json
  kgio
  mysql2
  nokogiri
  pg
  puma
  raindrops
  redcarpet
  snappy
  sqlite3
  thin
  unicorn

BUNDLED WITH
   1.16.3
